PATH
  remote: .
  specs:
    feed2email (0.11.1)
      feedzirra (~> 0.7.0)
      mail (~> 2.5.4)
      nokogiri (~> 1.6.5)
      reverse_markdown (~> 0.6.0)
      sanitize (~> 2.1.0)
      sequel (~> 4.18.0)
      sqlite3 (~> 1.3.10)
      thor (~> 0.19.1)

GEM
  remote: https://rubygems.org/
  specs:
    addressable (2.3.8)
    coderay (1.1.0)
    crack (0.4.2)
      safe_yaml (~> 1.0.0)
    curb (0.8.8)
    diff-lcs (1.2.5)
    docile (1.1.5)
    feedzirra (0.7.1)
      curb (~> 0.8.1)
      loofah (~> 1.2.1)
      sax-machine (~> 0.2.1)
    hashdiff (0.2.3)
    json (1.8.6)
    loofah (1.2.1)
      nokogiri (>= 1.4.4)
    mail (2.5.4)
      mime-types (~> 1.16)
      treetop (~> 1.4.8)
    method_source (0.8.2)
    mime-types (1.25.1)
    mini_portile (0.6.2)
    nokogiri (1.6.6.3)
      mini_portile (~> 0.6.0)
    polyglot (0.3.5)
    pry (0.10.3)
      coderay (~> 1.1.0)
      method_source (~> 0.8.1)
      slop (~> 3.4)
    rake (10.4.2)
    reverse_markdown (0.6.1)
      nokogiri
    rspec (3.4.0)
      rspec-core (~> 3.4.0)
      rspec-expectations (~> 3.4.0)
      rspec-mocks (~> 3.4.0)
    rspec-core (3.4.1)
      rspec-support (~> 3.4.0)
    rspec-expectations (3.4.0)
      diff-lcs (>= 1.2.0, < 2.0)
      rspec-support (~> 3.4.0)
    rspec-mocks (3.4.0)
      diff-lcs (>= 1.2.0, < 2.0)
      rspec-support (~> 3.4.0)
    rspec-support (3.4.1)
    safe_yaml (1.0.4)
    sanitize (2.1.0)
      nokogiri (>= 1.4.4)
    sax-machine (0.2.1)
      nokogiri (~> 1.6.0)
    sequel (4.18.0)
    simplecov (0.15.0)
      docile (~> 1.1.0)
      json (>= 1.8, < 3)
      simplecov-html (~> 0.10.0)
    simplecov-html (0.10.2)
    slop (3.6.0)
    sqlite3 (1.3.11)
    thor (0.19.1)
    travis-lint (2.0.0)
      json
    treetop (1.4.15)
      polyglot
      polyglot (>= 0.3.1)
    webmock (1.22.3)
      addressable (>= 2.3.6)
      crack (>= 0.3.2)
      hashdiff

PLATFORMS
  ruby

DEPENDENCIES
  feed2email!
  pry
  rake
  rspec (~> 3.4.0)
  simplecov (~> 0.15.0)
  travis-lint
  webmock (~> 1.22.3)
